GEM
  remote: https://rubygems.org/
  specs:
    builder (3.2.2)
    commander (4.1.3)
      highline (~> 1.6.11)
    dotenv (0.11.1)
      dotenv-deployment (~> 0.0.2)
    dotenv-deployment (0.0.2)
    excon (0.31.0)
    gcm (0.0.4)
      httparty
      json
    highline (1.6.19)
    houston (0.2.4)
      commander (~> 4.1)
      json
    httparty (0.11.0)
      multi_json (~> 1.0)
      multi_xml (>= 0.5.2)
    json (1.8.0)
    jwt (0.1.8)
      multi_json (>= 1.5)
    mandrill-api (1.0.49)
      excon (>= 0.16.0, < 1.0)
      json (>= 1.7.7, < 2.0)
    mono_logger (1.1.0)
    multi_json (1.7.7)
    multi_xml (0.5.4)
    newrelic_rpm (3.6.5.130)
    rack (1.5.2)
    rack-protection (1.5.0)
      rack
    rake (10.1.0)
    redis (3.0.4)
    redis-namespace (1.3.0)
      redis (~> 3.0.0)
    resque (1.24.1)
      mono_logger (~> 1.0)
      multi_json (~> 1.0)
      redis-namespace (~> 1.2)
      sinatra (>= 0.9.2)
      vegas (~> 0.1.2)
    sinatra (1.4.3)
      rack (~> 1.4)
      rack-protection (~> 1.4)
      tilt (~> 1.3, >= 1.3.4)
    tilt (1.4.1)
    twilio-ruby (3.11.4)
      builder (>= 2.1.2)
      jwt (>= 0.1.2)
      multi_json (>= 1.3.0)
    vegas (0.1.11)
      rack (>= 1.0.0)

PLATFORMS
  ruby

DEPENDENCIES
  dotenv
  gcm
  houston
  mandrill-api
  newrelic_rpm
  rake
  resque (~> 1.24.0)
  twilio-ruby
